PATH
  remote: .
  specs:
    distributor (0.0.1)
      thor (>= 0.13.6)

GEM
  remote: http://rubygems.org/
  specs:
    thor (0.14.6)

PLATFORMS
  ruby

DEPENDENCIES
  distributor!
