PATH
  remote: .
  specs:
    distributor (0.7.0)
      thor (>= 0.13.6)

GEM
  remote: http://rubygems.org/
  specs:
    thor (0.16.0)

PLATFORMS
  ruby

DEPENDENCIES
  distributor!
