PATH
  remote: .
  specs:
    distributor (0.4.4)
      thor (>= 0.13.6)

GEM
  remote: http://rubygems.org/
  specs:
    thor (0.15.3)

PLATFORMS
  ruby

DEPENDENCIES
  distributor!
